PATH
  remote: .
  specs:
    artoo (1.4.1)
      celluloid (~> 0.15.0)
      celluloid-io (~> 0.15.0)
      multi_json (~> 1.6)
      pry (~> 0.9)
      rake
      reel (~> 0.4.0)
      thor (~> 0.18.1)

GEM
  remote: http://rubygems.org/
  specs:
    bootstrap-sass (3.0.2.1)
      sass (~> 3.2)
    celluloid (0.15.2)
      timers (~> 1.1.0)
    celluloid-io (0.15.0)
      celluloid (>= 0.15.0)
      nio4r (>= 0.5.0)
    chunky_png (1.2.9)
    coderay (1.1.0)
    coffee-script (2.2.0)
      coffee-script-source
      execjs
    coffee-script-source (1.6.3)
    compass (0.12.2)
      chunky_png (~> 1.2)
      fssm (>= 0.2.7)
      sass (~> 3.1)
    dotenv (0.9.0)
    execjs (1.4.0)
      multi_json (~> 1.0)
    ffi (1.9.3)
    ffi (1.9.3-java)
    foreman (0.63.0)
      dotenv (>= 0.7)
      thor (>= 0.13.6)
    foreman (0.63.0-java)
      dotenv (>= 0.7)
      thor (>= 0.13.6)
    formatador (0.2.4)
    fssm (0.2.10)
    guard (1.7.0)
      formatador (>= 0.2.4)
      listen (>= 0.6.0)
      lumberjack (>= 1.0.2)
      pry (>= 0.9.10)
      thor (>= 0.14.6)
    guard-compass (0.0.6)
      compass (>= 0.10.5)
      guard (>= 0.2.1)
    guard-sprockets (0.4.3)
      execjs (~> 1.0)
      guard (>= 1.1.0)
      sprockets (~> 2.0)
    hike (1.2.3)
    http (0.5.0)
      http_parser.rb
    http_parser.rb (0.6.0.beta.2)
    http_parser.rb (0.6.0.beta.2-java)
    json (1.7.7)
    json (1.7.7-java)
    kramdown (1.2.0)
    libv8 (3.16.14.3)
    listen (0.7.3)
    lumberjack (1.0.4)
    metaclass (0.0.1)
    method_source (0.8.2)
    minitest (5.0.8)
    minitest-happy (1.0.0)
    mocha (0.14.0)
      metaclass (~> 0.0.1)
    multi_json (1.8.2)
    nio4r (0.5.0)
    nio4r (0.5.0-java)
    pry (0.9.12.3)
      coderay (~> 1.0)
      method_source (~> 0.8)
      slop (~> 3.4)
    pry (0.9.12.3-java)
      coderay (~> 1.0)
      method_source (~> 0.8)
      slop (~> 3.4)
      spoon (~> 0.0)
    rack (1.5.2)
    rake (10.1.0)
    rb-inotify (0.8.8)
      ffi (>= 0.5.0)
    reel (0.4.0)
      celluloid (>= 0.15.1)
      celluloid-io (>= 0.15.0)
      http (>= 0.5.0)
      http_parser.rb (>= 0.6.0.beta.2)
      websocket_parser (>= 0.1.4)
    ref (1.0.5)
    sass (3.2.12)
    slop (3.4.6)
    spoon (0.0.4)
      ffi
    sprockets (2.10.0)
      hike (~> 1.2)
      multi_json (~> 1.0)
      rack (~> 1.0)
      tilt (~> 1.1, != 1.3.0)
    therubyracer (0.12.0)
      libv8 (~> 3.16.14.0)
      ref
    therubyrhino (2.0.2)
      therubyrhino_jar (>= 1.7.3)
    therubyrhino_jar (1.7.4)
    thor (0.18.1)
    tilt (1.4.1)
    timers (1.1.0)
    websocket_parser (0.1.4)
      http
    yard (0.8.7.3)
    yard-sinatra (1.0.0)
      yard (~> 0.7)

PLATFORMS
  java
  ruby

DEPENDENCIES
  artoo!
  bootstrap-sass
  coffee-script
  compass
  execjs
  foreman
  guard
  guard-compass
  guard-sprockets
  json (~> 1.7.7)
  kramdown
  minitest (~> 5.0.1)
  minitest-happy
  mocha (~> 0.14.0)
  rb-inotify (~> 0.8.8)
  sass
  sprockets
  therubyracer
  therubyrhino
  yard
  yard-sinatra
